GEM
  remote: https://rubygems.org/
  specs:
    base64 (0.2.0)
    json (2.7.2)
    mustermann (3.0.2)
      ruby2_keywords (~> 0.0.1)
    net-http (0.4.1)
      uri
    rack (2.2.9)
    rack-protection (3.2.0)
      base64 (>= 0.1.0)
      rack (~> 2.2, >= 2.2.4)
    ruby2_keywords (0.0.5)
    sinatra (3.2.0)
      mustermann (~> 3.0)
      rack (~> 2.2, >= 2.2.4)
      rack-protection (= 3.2.0)
      tilt (~> 2.0)
    tilt (2.4.0)
    uri (0.13.0)

PLATFORMS
  ruby

DEPENDENCIES
  json
  net-http
  sinatra

BUNDLED WITH
   1.17.3
